PATH
  remote: ../gaminator
  specs:
    gaminator (0.0.4)

GEM
  specs:

PLATFORMS
  ruby

DEPENDENCIES
  gaminator!
