GIT
  remote: git://github.com/futuresimple/gaminator.git
  revision: caa4dbf04bc12d695be389efbda04ad379736b64
  tag: 0.0.2
  specs:
    gaminator (0.0.2)

GEM
  specs:

PLATFORMS
  ruby

DEPENDENCIES
  gaminator!
